{
	"Modality": "MR",
	"MagneticFieldStrength": 3,
	"ImagingFrequency": 127.963962,
	"Manufacturer": "GE",
	"ManufacturersModelName": "DISCOVERY MR750",
	"InstitutionName": "SHC",
	"DeviceSerialNumber": "00000650723NCMR2",
	"StationName": "RCMR2",
	"BodyPart": "HEAD",
	"PatientPosition": "HFS",
	"ProcedureStepDescription": "FSE-XL",
	"SoftwareVersions": "24\\LX\\MR Software release:DV24.0_R01_1344.a",
	"MRAcquisitionType": "2D",
	"StudyDescription": "MR Brain with and without Contrast",
	"SeriesDescription": "AX T2 FSE",
	"ProtocolName": "_SEIZURE",
	"ScanningSequence": "SE",
	"SequenceVariant": "SK",
	"ScanOptions": "FAST_GEMS\\FC_SLICE_AX_GEMS\\FC\\EDR_GEMS\\TRF_GEMS",
	"PulseSequenceName": "fse-xl",
	"ImageType": ["ORIGINAL", "PRIMARY", "OTHER", "MAGNITUDE"],
	"SeriesNumber": 6,
	"AcquisitionTime": "13:24:9.000000",
	"AcquisitionNumber": 1,
	"SliceThickness": 5,
	"SpacingBetweenSlices": 5,
	"SAR": 1.4738,
	"TablePosition": [
		0,
		0,
		4.0286e-11	],
	"EchoTime": 0.09988,
	"RepetitionTime": 3.389,
	"FlipAngle": 111,
	"ShimSetting": [
		5,
		-5,
		-28	],
	"PrescanReuseString": "TG/s1,CF/s5,AS/s5",
	"CoilString": "8HRBRAIN",
	"PercentPhaseFOV": 80,
	"PercentSampling": 100,
	"EchoTrainLength": 24,
	"AcquisitionMatrixPE": 256,
	"ReconMatrixPE": 512,
	"AcquisitionDuration": 81.736,
	"PixelBandwidth": 195.312,
	"PhaseEncodingAxis": "i",
	"ImageOrientationPatientDICOM": [
		0.992472,
		0.117081,
		-0.0359382,
		-0.109286,
		0.979079,
		0.171644	],
	"InPlanePhaseEncodingDirectionDICOM": "ROW",
	"BidsGuess": ["anat","_acq-FSE_run-6_T2w"],
	"ConversionSoftware": "dcm2niix",
	"ConversionSoftwareVersion": "v1.0.20250505"
}
