{
	"Modality": "MR",
	"MagneticFieldStrength": 3,
	"ImagingFrequency": 127.963955,
	"Manufacturer": "GE",
	"ManufacturersModelName": "DISCOVERY MR750",
	"InstitutionName": "SHC",
	"DeviceSerialNumber": "00000650723NCMR2",
	"StationName": "RCMR2",
	"BodyPart": "HEAD",
	"PatientPosition": "HFS",
	"ProcedureStepDescription": "Cube T2",
	"SoftwareVersions": "24\\LX\\MR Software release:DV24.0_R01_1344.a",
	"MRAcquisitionType": "3D",
	"StudyDescription": "MR Brain with and without Contrast",
	"SeriesDescription": "Sag CUBE T2",
	"ProtocolName": "_SEIZURE",
	"ScanningSequence": "SE",
	"SequenceVariant": "SK",
	"ScanOptions": "EDR_GEMS\\PROMO_GEMS\\ACC_GEMS",
	"PulseSequenceName": "Cube",
	"ImageType": ["ORIGINAL", "PRIMARY", "OTHER", "MAGNITUDE"],
	"SeriesNumber": 4,
	"AcquisitionTime": "13:18:34.000000",
	"AcquisitionNumber": 1,
	"SliceThickness": 1.2,
	"SpacingBetweenSlices": 0.600002,
	"SAR": 0.731298,
	"TablePosition": [
		0,
		0,
		4.0286e-11	],
	"EchoTime": 0.079399,
	"RepetitionTime": 2.5,
	"FlipAngle": 90,
	"ShimSetting": [
		6,
		0,
		-28	],
	"PrescanReuseString": "TG/s1",
	"CoilString": "8HRBRAIN",
	"Interpolation3D": 2,
	"PercentPhaseFOV": 100,
	"PercentSampling": 100,
	"EchoTrainLength": 100,
	"AcquisitionMatrixPE": 320,
	"ReconMatrixPE": 512,
	"ParallelReductionFactorInPlane": 2,
	"ParallelReductionFactorOutOfPlane": 2,
	"AcquisitionDuration": 227.144,
	"PixelBandwidth": 244.141,
	"ImageOrientationPatientDICOM": [
		-0,
		1,
		0,
		-0,
		-0,
		-1	],
	"InPlanePhaseEncodingDirectionDICOM": "ROW",
	"BidsGuess": ["anat","_acq-3DFSEp2_run-4_T2w"],
	"ConversionSoftware": "dcm2niix",
	"ConversionSoftwareVersion": "v1.0.20250505"
}
