{
	"Modality": "MR",
	"MagneticFieldStrength": 3,
	"ImagingFrequency": 127.963962,
	"Manufacturer": "GE",
	"ManufacturersModelName": "DISCOVERY MR750",
	"InstitutionName": "SHC",
	"DeviceSerialNumber": "00000650723NCMR2",
	"StationName": "RCMR2",
	"BodyPart": "HEAD",
	"PatientPosition": "HFS",
	"ProcedureStepDescription": "BRAVO",
	"SoftwareVersions": "24\\LX\\MR Software release:DV24.0_R01_1344.a",
	"MRAcquisitionType": "3D",
	"StudyDescription": "MR Brain with and without Contrast",
	"SeriesDescription": "COR BRAVO +C",
	"ProtocolName": "_SEIZURE",
	"ScanningSequence": "GR",
	"SequenceVariant": "SS\\SK",
	"ScanOptions": "FAST_GEMS\\EDR_GEMS\\ACC_GEMS",
	"PulseSequenceName": "BRAVO",
	"ImageType": ["ORIGINAL", "PRIMARY", "OTHER", "MAGNITUDE"],
	"SeriesNumber": 10,
	"AcquisitionTime": "13:36:41.000000",
	"AcquisitionNumber": 1,
	"SliceThickness": 1,
	"SpacingBetweenSlices": 1,
	"SAR": 0.21044,
	"TablePosition": [
		0,
		0,
		4.0286e-11	],
	"EchoTime": 0.003716,
	"RepetitionTime": 0.009228,
	"InversionTime": 0.4,
	"FlipAngle": 13,
	"ShimSetting": [
		5,
		-5,
		-28	],
	"PrescanReuseString": "TG/s1,CF/s5,AS/s5",
	"CoilString": "8HRBRAIN",
	"PercentPhaseFOV": 80,
	"PercentSampling": 100,
	"AcquisitionMatrixPE": 256,
	"ReconMatrixPE": 256,
	"ParallelReductionFactorInPlane": 2,
	"AcquisitionDuration": 258.936,
	"PixelBandwidth": 195.312,
	"ImageOrientationPatientDICOM": [
		1,
		-0,
		0,
		-0,
		-0,
		-1	],
	"InPlanePhaseEncodingDirectionDICOM": "ROW",
	"BidsGuess": ["anat","_acq-EFGRE3Dp2_run-10_T1w"],
	"ConversionSoftware": "dcm2niix",
	"ConversionSoftwareVersion": "v1.0.20250505"
}
