{
	"Modality": "MR",
	"MagneticFieldStrength": 3,
	"ImagingFrequency": 127.96397,
	"Manufacturer": "GE",
	"ManufacturersModelName": "DISCOVERY MR750",
	"InstitutionName": "SHC",
	"DeviceSerialNumber": "00000650723NCMR2",
	"StationName": "RCMR2",
	"BodyPart": "HEAD",
	"PatientPosition": "HFS",
	"ProcedureStepDescription": "Cube T2 FLAIR",
	"SoftwareVersions": "24\\LX\\MR Software release:DV24.0_R01_1344.a",
	"MRAcquisitionType": "3D",
	"StudyDescription": "MR Brain with and without Contrast",
	"SeriesDescription": "COR CUBE FLAIR",
	"ProtocolName": "_SEIZURE",
	"ScanningSequence": "SE\\IR",
	"SequenceVariant": "SK",
	"ScanOptions": "EDR_GEMS\\PROMO_GEMS\\ACC_GEMS",
	"PulseSequenceName": "CubeT2flair",
	"ImageType": ["ORIGINAL", "PRIMARY", "OTHER", "MAGNITUDE"],
	"SeriesNumber": 3,
	"AcquisitionTime": "13:11:59.000000",
	"AcquisitionNumber": 1,
	"SliceThickness": 1.2,
	"SpacingBetweenSlices": 0.600002,
	"SAR": 0.451138,
	"TablePosition": [
		0,
		0,
		4.0286e-11	],
	"EchoTime": 0.134061,
	"RepetitionTime": 6,
	"InversionTime": 1.844,
	"FlipAngle": 90,
	"ShimSetting": [
		4,
		-2,
		-26	],
	"PrescanReuseString": "TG/s1",
	"CoilString": "8HRBRAIN",
	"Interpolation3D": 2,
	"PercentPhaseFOV": 70,
	"PercentSampling": 100,
	"EchoTrainLength": 140,
	"AcquisitionMatrixPE": 256,
	"ReconMatrixPE": 512,
	"ParallelReductionFactorInPlane": 2,
	"ParallelReductionFactorOutOfPlane": 2,
	"AcquisitionDuration": 345.563,
	"PixelBandwidth": 122.07,
	"ImageOrientationPatientDICOM": [
		1,
		-0,
		0,
		-0,
		-0,
		-1	],
	"InPlanePhaseEncodingDirectionDICOM": "ROW",
	"BidsGuess": ["anat","_acq-3DFSEp2_run-3_FLAIR"],
	"ConversionSoftware": "dcm2niix",
	"ConversionSoftwareVersion": "v1.0.20250505"
}
