{
	"Modality": "MR",
	"MagneticFieldStrength": 3,
	"ImagingFrequency": 127.963939,
	"Manufacturer": "GE",
	"ManufacturersModelName": "DISCOVERY MR750",
	"InstitutionName": "SHC",
	"DeviceSerialNumber": "00000650723NCMR2",
	"StationName": "RCMR2",
	"BodyPart": "HEAD",
	"PatientPosition": "HFS",
	"ProcedureStepDescription": "Spin Echo",
	"SoftwareVersions": "24\\LX\\MR Software release:DV24.0_R01_1344.a",
	"MRAcquisitionType": "2D",
	"StudyDescription": "MR Brain with and without Contrast",
	"SeriesDescription": "LOCALIZER",
	"ProtocolName": "_SEIZURE",
	"ScanningSequence": "SE",
	"SequenceVariant": "SK",
	"ScanOptions": "FAST_GEMS\\EDR_GEMS\\SEQ_GEMS\\SS_GEMS\\PFP",
	"PulseSequenceName": "ssfse",
	"ImageType": ["ORIGINAL", "PRIMARY", "OTHER", "MAGNITUDE"],
	"SeriesNumber": 1,
	"AcquisitionTime": "13:10:23.000000",
	"AcquisitionNumber": 1,
	"SliceThickness": 15,
	"SpacingBetweenSlices": 15,
	"SAR": 3.19897,
	"TablePosition": [
		0,
		0,
		4.0286e-11	],
	"EchoTime": 0.05992,
	"RepetitionTime": 1.26944,
	"FlipAngle": 90,
	"ShimSetting": [
		3,
		-3,
		-24	],
	"CoilString": "8HRBRAIN",
	"PercentPhaseFOV": 100,
	"PercentSampling": 53.125,
	"AcquisitionMatrixPE": 192,
	"ReconMatrixPE": 512,
	"AcquisitionDuration": 19.6384,
	"PixelBandwidth": 162.773,
	"PhaseEncodingAxis": "i",
	"ImageOrientationPatientDICOM": [
		1,
		-0,
		0,
		-0,
		1,
		0	],
	"InPlanePhaseEncodingDirectionDICOM": "ROW",
	"BidsGuess": ["discard","_acq-SSFSE_run-1_localizer"],
	"ConversionSoftware": "dcm2niix",
	"ConversionSoftwareVersion": "v1.0.20250505"
}
