{
	"Modality": "MR",
	"MagneticFieldStrength": 3,
	"ImagingFrequency": 127.963962,
	"Manufacturer": "GE",
	"ManufacturersModelName": "DISCOVERY MR750",
	"InstitutionName": "SHC",
	"DeviceSerialNumber": "00000650723NCMR2",
	"StationName": "RCMR2",
	"BodyPart": "HEAD",
	"PatientPosition": "HFS",
	"ProcedureStepDescription": "Spin Echo",
	"SoftwareVersions": "24\\LX\\MR Software release:DV24.0_R01_1344.a",
	"MRAcquisitionType": "2D",
	"StudyDescription": "MR Brain with and without Contrast",
	"SeriesDescription": "COR T1 SE +C",
	"ProtocolName": "_SEIZURE",
	"ScanningSequence": "SE",
	"SequenceVariant": "NONE",
	"ScanOptions": "FC\\FILTERED_GEMS",
	"PulseSequenceName": "fcmemp",
	"ImageType": ["ORIGINAL", "PRIMARY", "OTHER", "MAGNITUDE"],
	"SeriesNumber": 13,
	"AcquisitionTime": "14:00:11.000000",
	"AcquisitionNumber": 1,
	"SliceThickness": 5,
	"SpacingBetweenSlices": 5,
	"SAR": 2.00581,
	"TablePosition": [
		0,
		0,
		4.0286e-11	],
	"EchoTime": 0.021,
	"RepetitionTime": 0.6,
	"FlipAngle": 90,
	"ShimSetting": [
		5,
		-5,
		-28	],
	"PrescanReuseString": "TG/s1,CF/s5,AS/s5",
	"CoilString": "8HRBRAIN",
	"PercentPhaseFOV": 75,
	"PercentSampling": 100,
	"AcquisitionMatrixPE": 224,
	"ReconMatrixPE": 512,
	"AcquisitionDuration": 218.5,
	"PixelBandwidth": 122.07,
	"PhaseEncodingAxis": "i",
	"ImageOrientationPatientDICOM": [
		0.993077,
		0.117463,
		0,
		-0.0171937,
		0.145362,
		-0.989229	],
	"InPlanePhaseEncodingDirectionDICOM": "ROW",
	"ConversionSoftware": "dcm2niix",
	"ConversionSoftwareVersion": "v1.0.20250505"
}
