{
	"Modality": "MR",
	"MagneticFieldStrength": 3,
	"ImagingFrequency": 127.963962,
	"Manufacturer": "GE",
	"ManufacturersModelName": "DISCOVERY MR750",
	"InstitutionName": "SHC",
	"DeviceSerialNumber": "00000650723NCMR2",
	"StationName": "RCMR2",
	"BodyPart": "HEAD",
	"PatientPosition": "HFS",
	"ProcedureStepDescription": "T1flair",
	"SoftwareVersions": "24\\LX\\MR Software release:DV24.0_R01_1344.a",
	"MRAcquisitionType": "2D",
	"StudyDescription": "MR Brain with and without Contrast",
	"SeriesDescription": "Sag T1 FLAIR +C",
	"ProtocolName": "_SEIZURE",
	"ScanningSequence": "SE\\IR",
	"SequenceVariant": "SK",
	"ScanOptions": "FAST_GEMS\\SEQ_GEMS\\TRF_GEMS\\FILTERED_GEMS",
	"PulseSequenceName": "t1flair",
	"ImageType": ["ORIGINAL", "PRIMARY", "OTHER", "MAGNITUDE"],
	"SeriesNumber": 12,
	"AcquisitionTime": "13:58:13.000000",
	"AcquisitionNumber": 1,
	"SliceThickness": 4,
	"SpacingBetweenSlices": 5,
	"SAR": 1.9538,
	"TablePosition": [
		0,
		0,
		4.0286e-11	],
	"EchoTime": 0.006744,
	"RepetitionTime": 1.80001,
	"InversionTime": 0.92,
	"FlipAngle": 111,
	"ShimSetting": [
		5,
		-5,
		-28	],
	"PrescanReuseString": "TG/s1,CF/s5,AS/s5",
	"CoilString": "8HRBRAIN",
	"PercentPhaseFOV": 100,
	"PercentSampling": 100,
	"EchoTrainLength": 9,
	"AcquisitionMatrixPE": 224,
	"ReconMatrixPE": 512,
	"AcquisitionDuration": 106.6,
	"PixelBandwidth": 195.312,
	"PhaseEncodingAxis": "i",
	"ImageOrientationPatientDICOM": [
		-0.13865,
		0.990341,
		0,
		-0.0652666,
		-0.00913744,
		-0.997826	],
	"InPlanePhaseEncodingDirectionDICOM": "ROW",
	"BidsGuess": ["anat","_acq-FSE_run-12_FLAIR"],
	"ConversionSoftware": "dcm2niix",
	"ConversionSoftwareVersion": "v1.0.20250505"
}
