{
	"Modality": "MR",
	"MagneticFieldStrength": 3,
	"ImagingFrequency": 127.963962,
	"Manufacturer": "GE",
	"ManufacturersModelName": "DISCOVERY MR750",
	"InstitutionName": "SHC",
	"StationName": "RCMR2",
	"BodyPart": "HEAD",
	"PatientPosition": "HFS",
	"ProcedureStepDescription": "Spin Echo",
	"SoftwareVersions": "24\\LX\\MR Software release:DV24.0_R01_1344.a",
	"MRAcquisitionType": "2D",
	"StudyDescription": "MR Brain with and without Contrast",
	"SeriesDescription": "Apparent Diffusion Coefficient (mm2/s)",
	"ProtocolName": "_SEIZURE",
	"ScanningSequence": "EP\\SE",
	"SequenceVariant": "NONE",
	"ScanOptions": "EPI_GEMS\\ACC_GEMS\\PFF",
	"PulseSequenceName": "epi2",
	"ImageType": ["DERIVED", "PRIMARY", "ADC", "ADC", "MAGNITUDE"],
	"RawImage": false,
	"SeriesNumber": 500,
	"AcquisitionTime": "13:23:0.000000",
	"SliceThickness": 5,
	"SpacingBetweenSlices": 5,
	"EchoTime": 0.0833,
	"RepetitionTime": 5,
	"FlipAngle": 90,
	"NumberOfDiffusionT2GE": 100,
	"CoilString": "8HRBRAIN",
	"NumberOfExcitations": 2,
	"AcquisitionMatrixPE": 128,
	"ReconMatrixPE": 256,
	"ParallelReductionFactorInPlane": 2,
	"AcquisitionDuration": 45,
	"PixelBandwidth": 1953.12,
	"PhaseEncodingAxis": "j",
	"ImageOrientationPatientDICOM": [
		1,
		-0,
		0,
		-0,
		0.999962,
		-0.00876401	],
	"InPlanePhaseEncodingDirectionDICOM": "COL",
	"BidsGuess": ["derived","_acq-epi2p2_dir-PA_run-500_epi"],
	"ConversionSoftware": "dcm2niix",
	"ConversionSoftwareVersion": "v1.0.20250505"
}
