{
	"Modality": "MR",
	"MagneticFieldStrength": 3,
	"ImagingFrequency": 127.963962,
	"Manufacturer": "GE",
	"InternalPulseSequenceName": "EPI2",
	"ManufacturersModelName": "DISCOVERY MR750",
	"InstitutionName": "SHC",
	"DeviceSerialNumber": "00000650723NCMR2",
	"StationName": "RCMR2",
	"BodyPart": "HEAD",
	"PatientPosition": "HFS",
	"ProcedureStepDescription": "Spin Echo",
	"SoftwareVersions": "24\\LX\\MR Software release:DV24.0_R01_1344.a",
	"MRAcquisitionType": "2D",
	"StudyDescription": "MR Brain with and without Contrast",
	"SeriesDescription": "Ax DWI (FREQ R/L)",
	"ProtocolName": "_SEIZURE",
	"ScanningSequence": "EP\\SE",
	"SequenceVariant": "NONE",
	"ScanOptions": "EPI_GEMS\\ACC_GEMS\\PFF",
	"PulseSequenceName": "epi2",
	"ImageType": ["ORIGINAL", "PRIMARY", "OTHER", "MAGNITUDE"],
	"SeriesNumber": 5,
	"AcquisitionTime": "13:23:0.000000",
	"AcquisitionNumber": 1,
	"SliceThickness": 5,
	"SpacingBetweenSlices": 5,
	"SAR": 0.735977,
	"TablePosition": [
		0,
		0,
		4.0286e-11	],
	"NumberOfAverages": 2,
	"EchoTime": 0.0833,
	"RepetitionTime": 5,
	"FlipAngle": 90,
	"PhaseEncodingPolarityGE": "Flipped",
	"ShimSetting": [
		5,
		-5,
		-28	],
	"PrescanReuseString": "TG/s1",
	"CoilString": "8HRBRAIN",
	"NumberOfExcitations": 2,
	"PercentPhaseFOV": 100,
	"PercentSampling": 100,
	"AcquisitionMatrixPE": 128,
	"ReconMatrixPE": 256,
	"ParallelReductionFactorInPlane": 2,
	"EffectiveEchoSpacing": 0.000353197,
	"AcquisitionDuration": 45,
	"TotalReadoutTime": 0.0900652,
	"PixelBandwidth": 1953.12,
	"PhaseEncodingDirection": "j",
	"SliceTiming": [
		0,
		2.5,
		0.178571,
		2.67857,
		0.357143,
		2.85714,
		0.535714,
		3.03571,
		0.714286,
		3.21429,
		0.892857,
		3.39286,
		1.07143,
		3.57143,
		1.25,
		3.75,
		1.42857,
		3.92857,
		1.60714,
		4.10714,
		1.78571,
		4.28571,
		1.96429,
		4.46429,
		2.14286,
		4.64286,
		2.32143,
		4.82143	],
	"ImageOrientationPatientDICOM": [
		1,
		-0,
		0,
		-0,
		0.999962,
		-0.00876401	],
	"InPlanePhaseEncodingDirectionDICOM": "COL",
	"BidsGuess": ["dwi","_acq-EPI2p2_dir-PA_run-5_dwi"],
	"ConversionSoftware": "dcm2niix",
	"ConversionSoftwareVersion": "v1.0.20250505"
}
