{
	"Modality": "MR",
	"MagneticFieldStrength": 3,
	"ImagingFrequency": 127.963962,
	"Manufacturer": "GE",
	"ManufacturersModelName": "DISCOVERY MR750",
	"InstitutionName": "SHC",
	"DeviceSerialNumber": "00000650723NCMR2",
	"StationName": "RCMR2",
	"BodyPart": "HEAD",
	"PatientPosition": "HFS",
	"ProcedureStepDescription": "FSE-XL",
	"SoftwareVersions": "24\\LX\\MR Software release:DV24.0_R01_1344.a",
	"MRAcquisitionType": "2D",
	"StudyDescription": "MR Brain with and without Contrast",
	"SeriesDescription": "COR/OBL T2 FSE",
	"ProtocolName": "_SEIZURE",
	"ScanningSequence": "SE",
	"SequenceVariant": "SK",
	"ScanOptions": "FAST_GEMS\\FC_FREQ_AX_GEMS\\FC\\TRF_GEMS\\FILTERED_GEMS",
	"PulseSequenceName": "fse-xl",
	"ImageType": ["ORIGINAL", "PRIMARY", "OTHER", "MAGNITUDE"],
	"SeriesNumber": 8,
	"AcquisitionTime": "13:27:48.000000",
	"AcquisitionNumber": 1,
	"SliceThickness": 2,
	"SpacingBetweenSlices": 2,
	"SAR": 1.2798,
	"TablePosition": [
		0,
		0,
		4.0286e-11	],
	"NumberOfAverages": 2,
	"EchoTime": 0.101016,
	"RepetitionTime": 3.881,
	"FlipAngle": 111,
	"ShimSetting": [
		5,
		-5,
		-28	],
	"PrescanReuseString": "TG/s1,CF/s5,AS/s5",
	"CoilString": "8HRBRAIN",
	"NumberOfExcitations": 2,
	"PercentPhaseFOV": 80,
	"PercentSampling": 100,
	"EchoTrainLength": 15,
	"AcquisitionMatrixPE": 256,
	"ReconMatrixPE": 512,
	"AcquisitionDuration": 233.26,
	"PixelBandwidth": 122.07,
	"PhaseEncodingAxis": "i",
	"ImageOrientationPatientDICOM": [
		0.993548,
		0.109477,
		-0.0296308,
		-0.0734512,
		0.422033,
		-0.9036	],
	"InPlanePhaseEncodingDirectionDICOM": "ROW",
	"BidsGuess": ["anat","_acq-FSE_run-8_T2w"],
	"ConversionSoftware": "dcm2niix",
	"ConversionSoftwareVersion": "v1.0.20250505"
}
